GEM
  remote: https://rubygems.org/
  specs:
    arrayfields (4.9.0)
    chronic (0.9.1)
    ethon (0.5.10)
      ffi (~> 1.3.0)
      mime-types (~> 1.18)
    fattr (2.2.1)
    ffi (1.3.1)
    main (5.2.0)
      arrayfields (>= 4.7.4)
      chronic (>= 0.6.2)
      fattr (>= 2.2.0)
      map (>= 5.1.0)
    map (6.3.0)
    mime-types (1.22)
    nokogiri (1.5.9)
    typhoeus (0.6.2)
      ethon (~> 0.5.10)

PLATFORMS
  ruby

DEPENDENCIES
  main
  nokogiri
  typhoeus
